GIT
  remote: git://github.com/Burgestrand/Hallon.git
  revision: 397cf711d6225e6f05dd54b1202c0bbf27e2e0f4
  specs:
    hallon (0.14.0)
      ref (~> 1.0)
      spotify (~> 10.3.0)

GEM
  remote: http://rubygems.org/
  specs:
    ffi (1.0.11)
    foreman (0.40.0)
      term-ansicolor (~> 1.0.7)
      thor (>= 0.13.6)
    rack (1.4.1)
    rack-protection (1.2.0)
      rack
    ref (1.0.0)
    sinatra (1.3.2)
      rack (~> 1.3, >= 1.3.6)
      rack-protection (~> 1.2)
      tilt (~> 1.3, >= 1.3.3)
    spotify (10.3.0)
      ffi (~> 1.0, >= 1.0.11)
    term-ansicolor (1.0.7)
    thor (0.14.6)
    tilt (1.3.3)

PLATFORMS
  ruby

DEPENDENCIES
  foreman
  hallon!
  sinatra
