GEM
  remote: http://rubygems.org/
  specs:
    backports (2.6.4)
    coderay (1.0.7)
    eventmachine (1.0.0)
    ffi (1.8.1)
    foreman (0.57.0)
      thor (>= 0.13.6)
    hallon (0.18.2)
      ffi (~> 1.8)
      spotify (~> 12.5.1)
      weak_observable (~> 1.0)
    libspotify (12.1.51.3)
    method_source (0.8)
    pry (0.9.10)
      coderay (~> 1.0.5)
      method_source (~> 0.8)
      slop (~> 3.3.1)
    rack (1.4.1)
    rack-protection (1.2.0)
      rack
    rack-test (0.6.1)
      rack (>= 1.0)
    ref (1.0.4)
    sinatra (1.3.3)
      rack (~> 1.3, >= 1.3.6)
      rack-protection (~> 1.2)
      tilt (~> 1.3, >= 1.3.3)
    sinatra-contrib (1.3.1)
      backports (>= 2.0)
      eventmachine
      rack-protection
      rack-test
      sinatra (~> 1.3.0)
      tilt (~> 1.3)
    slop (3.3.3)
    spotify (12.5.1)
      ffi (~> 1.0, >= 1.0.11)
      libspotify (~> 12.1.51)
    thor (0.16.0)
    tilt (1.3.3)
    weak_observable (1.0.1)
      ref (~> 1.0.0)

PLATFORMS
  ruby

DEPENDENCIES
  foreman
  hallon (~> 0.18.2)
  pry
  sinatra
  sinatra-contrib
