GIT
  remote: git://github.com/Burgestrand/Hallon.git
  revision: 2a9afa3f42079ff51241c34c8f2d6b0e33a0122e
  specs:
    hallon (0.18.1)
      ref (~> 1.0)
      spotify (~> 12.3.0)

GEM
  remote: http://rubygems.org/
  specs:
    backports (2.6.4)
    coderay (1.0.7)
    eventmachine (1.0.0)
    ffi (1.1.5)
    foreman (0.57.0)
      thor (>= 0.13.6)
    libspotify (12.1.51.1)
    method_source (0.8)
    pry (0.9.10)
      coderay (~> 1.0.5)
      method_source (~> 0.8)
      slop (~> 3.3.1)
    rack (1.4.1)
    rack-protection (1.2.0)
      rack
    rack-test (0.6.1)
      rack (>= 1.0)
    ref (1.0.0)
    sinatra (1.3.3)
      rack (~> 1.3, >= 1.3.6)
      rack-protection (~> 1.2)
      tilt (~> 1.3, >= 1.3.3)
    sinatra-contrib (1.3.1)
      backports (>= 2.0)
      eventmachine
      rack-protection
      rack-test
      sinatra (~> 1.3.0)
      tilt (~> 1.3)
    slop (3.3.3)
    spotify (12.3.0)
      ffi (~> 1.0, >= 1.0.11)
      libspotify (~> 12.1.51)
    thor (0.16.0)
    tilt (1.3.3)

PLATFORMS
  ruby

DEPENDENCIES
  foreman
  hallon!
  pry
  sinatra
  sinatra-contrib
