GEM
  remote: http://rubygems.org/
  specs:
    addressable (2.2.8)
    backports (2.5.3)
    eventmachine (0.12.10)
    ffi (1.0.11)
    foreman (0.46.0)
      thor (>= 0.13.6)
    hallon (0.16.0)
      ref (~> 1.0)
      spotify (~> 11.0.2)
    heroku (2.25.0)
      launchy (>= 0.3.2)
      netrc (~> 0.7.1)
      rest-client (~> 1.6.1)
      rubyzip
    launchy (2.1.0)
      addressable (~> 2.2.6)
    mime-types (1.18)
    netrc (0.7.1)
    rack (1.4.1)
    rack-protection (1.2.0)
      rack
    rack-test (0.6.1)
      rack (>= 1.0)
    ref (1.0.0)
    rest-client (1.6.7)
      mime-types (>= 1.16)
    rubyzip (0.9.8)
    sinatra (1.3.2)
      rack (~> 1.3, >= 1.3.6)
      rack-protection (~> 1.2)
      tilt (~> 1.3, >= 1.3.3)
    sinatra-contrib (1.3.1)
      backports (>= 2.0)
      eventmachine
      rack-protection
      rack-test
      sinatra (~> 1.3.0)
      tilt (~> 1.3)
    spotify (11.0.2)
      ffi (~> 1.0, >= 1.0.11)
    thor (0.15.2)
    tilt (1.3.3)

PLATFORMS
  ruby

DEPENDENCIES
  foreman
  hallon
  heroku
  sinatra
  sinatra-contrib
