GIT
  remote: git://github.com/Burgestrand/Hallon.git
  revision: 397cf711d6225e6f05dd54b1202c0bbf27e2e0f4
  specs:
    hallon (0.14.0)
      ref (~> 1.0)
      spotify (~> 10.3.0)

GEM
  remote: http://rubygems.org/
  specs:
    addressable (2.2.7)
    ffi (1.0.11)
    foreman (0.40.0)
      term-ansicolor (~> 1.0.7)
      thor (>= 0.13.6)
    heroku (2.21.0)
      launchy (>= 0.3.2)
      rest-client (~> 1.6.1)
      rubyzip
      term-ansicolor (~> 1.0.5)
    launchy (2.0.5)
      addressable (~> 2.2.6)
    mime-types (1.17.2)
    rack (1.4.1)
    rack-protection (1.2.0)
      rack
    ref (1.0.0)
    rest-client (1.6.7)
      mime-types (>= 1.16)
    rubyzip (0.9.6.1)
    sinatra (1.3.2)
      rack (~> 1.3, >= 1.3.6)
      rack-protection (~> 1.2)
      tilt (~> 1.3, >= 1.3.3)
    spotify (10.3.0)
      ffi (~> 1.0, >= 1.0.11)
    term-ansicolor (1.0.7)
    thor (0.14.6)
    tilt (1.3.3)

PLATFORMS
  ruby

DEPENDENCIES
  foreman
  hallon!
  heroku
  sinatra
